GEM
  remote: https://rubygems.org/
  specs:
    dotenv (0.11.1)
      dotenv-deployment (~> 0.0.2)
    dotenv-deployment (0.0.2)
    faraday (0.8.9)
      multipart-post (~> 1.2.0)
    faraday_middleware (0.9.0)
      faraday (>= 0.7.4, < 0.9)
    json (1.8.1)
    kgio (2.9.2)
    mime-types (2.2)
    multipart-post (1.2.0)
    pg (0.17.1)
    rack (1.5.2)
    rack-protection (1.5.2)
      rack
    raindrops (0.13.0)
    rest-client (1.6.7)
      mime-types (>= 1.16)
    sequel (4.8.0)
    sinatra (1.4.4)
      rack (~> 1.4)
      rack-protection (~> 1.4)
      tilt (~> 1.3, >= 1.3.4)
    sinatra-param (1.1.2)
      sinatra (~> 1.3)
    sinatra-sequel (0.9.0)
      sequel (>= 3.2.0)
      sinatra (>= 0.9.4)
    tilt (1.4.1)
    unicorn (4.8.2)
      kgio (~> 2.6)
      rack
      raindrops (~> 0.7)
    zero_push (2.3.0)
      faraday (~> 0.8.5)
      faraday_middleware (~> 0.9.0)

PLATFORMS
  ruby

DEPENDENCIES
  dotenv
  json
  pg
  rest-client
  sinatra
  sinatra-param
  sinatra-sequel
  unicorn
  zero_push
